GEM
  remote: https://rubygems.org/
  specs:
    front_matter_parser (1.0.1)
    json (2.9.0)
    rake (13.2.1)

PLATFORMS
  ruby
  x64-mingw-ucrt
  x86_64-linux

DEPENDENCIES
  front_matter_parser (~> 1.0)
  json
  rake

BUNDLED WITH
   2.5.14
